PATH
  remote: .
  specs:
    easy_broker (0.1.0)

GEM
  remote: https://rubygems.org/
  specs:
    addressable (2.8.7)
      public_suffix (>= 2.0.2, < 7.0)
    bigdecimal (3.1.8)
    crack (1.0.0)
      bigdecimal
      rexml
    hashdiff (1.1.2)
    minitest (5.25.2)
    public_suffix (6.0.1)
    rake (13.2.1)
    rexml (3.3.9)
    webmock (3.24.0)
      addressable (>= 2.8.0)
      crack (>= 0.3.2)
      hashdiff (>= 0.4.0, < 2.0.0)

PLATFORMS
  x86_64-linux

DEPENDENCIES
  easy_broker!
  minitest (~> 5.0)
  rake (~> 13.0)
  webmock (~> 3.24.0)

BUNDLED WITH
   2.4.19
